GEM
  remote: http://rubygems.org/
  specs:
    diff-lcs (1.1.3)
    jenkins-plugin-runtime (0.1.3)
      json
    json (1.5.4)
    json (1.5.4-java)
    rspec (2.6.0)
      rspec-core (~> 2.6.0)
      rspec-expectations (~> 2.6.0)
      rspec-mocks (~> 2.6.0)
    rspec-core (2.6.4)
    rspec-expectations (2.6.0)
      diff-lcs (~> 1.1.2)
    rspec-mocks (2.6.0)

PLATFORMS
  java
  ruby

DEPENDENCIES
  jenkins-plugin-runtime
  json (~> 1.5.0)
  rspec (>= 2.5.0)
